PATH
  remote: .
  specs:
    gravatar-ultimate (2.0.0)
      activesupport (>= 2.3.14)
      rack
      xmlrpc

GEM
  remote: http://rubygems.org/
  specs:
    activesupport (7.0.3)
      concurrent-ruby (~> 1.0, >= 1.0.2)
      i18n (>= 1.6, < 2)
      minitest (>= 5.1)
      tzinfo (~> 2.0)
    concurrent-ruby (1.1.10)
    coveralls (0.7.0)
      multi_json (~> 1.3)
      rest-client
      simplecov (>= 0.7)
      term-ansicolor
      thor
    diff-lcs (1.2.4)
    fakeweb (1.3.0)
    i18n (1.10.0)
      concurrent-ruby (~> 1.0)
    json (1.8.1)
    mime-types (2.0)
    minitest (5.16.0)
    multi_json (1.8.2)
    rack (2.2.3.1)
    rake (0.9.2.2)
    rdoc (3.12.2)
      json (~> 1.4)
    rest-client (1.6.7)
      mime-types (>= 1.16)
    rspec (2.14.1)
      rspec-core (~> 2.14.0)
      rspec-expectations (~> 2.14.0)
      rspec-mocks (~> 2.14.0)
    rspec-core (2.14.7)
    rspec-expectations (2.14.3)
      diff-lcs (>= 1.1.3, < 2.0)
    rspec-mocks (2.14.4)
    simplecov (0.7.1)
      multi_json (~> 1.0)
      simplecov-html (~> 0.7.1)
    simplecov-html (0.7.1)
    term-ansicolor (1.2.2)
      tins (~> 0.8)
    thor (0.18.1)
    tins (0.12.0)
    tzinfo (2.0.4)
      concurrent-ruby (~> 1.0)
    webrick (1.7.0)
    xmlrpc (0.3.2)
      webrick

PLATFORMS
  ruby

DEPENDENCIES
  coveralls
  fakeweb (>= 1.2.8)
  gravatar-ultimate!
  i18n (~> 1.10.0)
  jruby-openssl
  rake (~> 0.9.2.2)
  rdoc (~> 3.11)
  rspec (>= 1.3.0)
